GEM
  remote: https://rubygems.org/
  specs:
    colorize (0.5.8)
    daemons (1.1.9)
    eventmachine (1.0.0)
    fezzik (0.7.2)
      colorize (>= 0.5.8)
      rake-remote_task (~> 2.0.2)
    httparty (0.11.0)
      multi_json (~> 1.0)
      multi_xml (>= 0.5.2)
    multi_json (1.7.3)
    multi_xml (0.5.3)
    mysql2 (0.3.11)
    open4 (1.3.0)
    pathological (0.3.0)
    rack (1.4.1)
    rack-protection (1.2.0)
      rack
    rake (0.9.2.2)
    rake-remote_task (2.0.6)
      open4 (~> 1.0)
      rake (~> 0.8)
    sequel (3.41.0)
    sinatra (1.3.3)
      rack (~> 1.3, >= 1.3.6)
      rack-protection (~> 1.2)
      tilt (~> 1.3, >= 1.3.3)
    thin (1.5.0)
      daemons (>= 1.0.9)
      eventmachine (>= 0.12.6)
      rack (>= 1.0.0)
    tilt (1.3.3)

PLATFORMS
  ruby

DEPENDENCIES
  daemons
  fezzik
  httparty
  mysql2
  pathological
  rake
  sequel
  sinatra
  thin
